FRAMEWORK: NET45, NET451, NET452
NUGET
  remote: http://www.nuget.org/api/v2
    Castle.Core (3.3.3)
    Gu.PropertyGrid (1.0)
    Gu.Wpf.AutoRowGrid (0.6)
    JetBrains.Annotations (10.1.5)
    NUnit (3.4.1)
    StyleCop.Analyzers (1.0)
    TestStack.White (0.13.3)
      Castle.Core (>= 3.3)
