RESTRICTION: >= net45

GROUP Analyzers
RESTRICTION: >= net45
NUGET
  remote: http://www.nuget.org/api/v2
    Gu.Analyzers (0.1.11.25-dev)
    JetBrains.Annotations (10.4)
    StyleCop.Analyzers (1.0.2)
    WpfAnalyzers (0.2.7.10)

GROUP Demo
RESTRICTION: >= net45
NUGET
  remote: http://www.nuget.org/api/v2
    Gu.PropertyGrid (1.0)
    Gu.Wpf.AutoRowGrid (0.6.0.1)

GROUP Test
RESTRICTION: >= net45
NUGET
  remote: http://www.nuget.org/api/v2
    Castle.Core (3.3)
    NUnit (3.7.1)
    TestStack.White (0.13.3)
      Castle.Core (>= 3.3)
