NUGET
  remote: http://www.nuget.org/api/v2
  specs:
    Castle.Core (3.3.3)
    Gu.PropertyGrid (1.0.0)
    JetBrains.Annotations (10.0.0)
    NUnit (2.6.4)
    StyleCop.Analyzers (1.0.0-rc3)
    TestStack.White (0.13.3)
      Castle.Core (>= 3.3.0)
