FRAMEWORK: >= NET45

GROUP Analyzers
FRAMEWORK: >= NET45
NUGET
  remote: http://www.nuget.org/api/v2
    JetBrains.Annotations (10.2.1)
    StyleCop.Analyzers (1.0)
    WpfAnalyzers (0.2.0.10-dev)

GROUP Demo
FRAMEWORK: >= NET45
NUGET
  remote: http://www.nuget.org/api/v2
    Gu.PropertyGrid (1.0)
    Gu.Wpf.AutoRowGrid (0.6)

GROUP Test
FRAMEWORK: >= NET45
NUGET
  remote: http://www.nuget.org/api/v2
    Castle.Core (3.3.3)
    NUnit (3.5)
    TestStack.White (0.13.3)
      Castle.Core (>= 3.3)
